GEM
  remote: https://rubygems.org/
  specs:
    ast (2.4.2)
    base64 (0.2.0)
    bigdecimal (3.1.8)
    coderay (1.1.3)
    concurrent-ruby (1.3.3)
    connection_pool (2.4.1)
    diff-lcs (1.5.1)
    dotenv (3.1.2)
    json (2.7.2)
    language_server-protocol (3.17.0.3)
    logger (1.6.0)
    method_source (1.1.0)
    multi_json (1.15.0)
    mustermann (3.0.0)
      ruby2_keywords (~> 0.0.1)
    nio4r (2.7.3)
    parallel (1.25.1)
    parser (3.3.3.0)
      ast (~> 2.4.1)
      racc
    pg (1.5.6)
    pry (0.14.2)
      coderay (~> 1.1)
      method_source (~> 1.0)
    puma (6.4.2)
      nio4r (~> 2.0)
    racc (1.8.0)
    rack (3.1.6)
    rack-attack (5.3.2)
      rack
    rack-protection (4.0.0)
      base64 (>= 0.1.0)
      rack (>= 3.0.0, < 4)
    rack-session (2.0.0)
      rack (>= 3.0.0)
    rack-test (2.1.0)
      rack (>= 1.3)
    rackup (2.1.0)
      rack (>= 3)
      webrick (~> 1.8)
    rainbow (3.1.1)
    rake (13.2.1)
    redis (5.2.0)
      redis-client (>= 0.22.0)
    redis-client (0.22.2)
      connection_pool
    redis-objects (2.0.0.beta)
      redis (~> 5.0)
    regexp_parser (2.9.2)
    rexml (3.3.1)
      strscan
    rspec (3.13.0)
      rspec-core (~> 3.13.0)
      rspec-expectations (~> 3.13.0)
      rspec-mocks (~> 3.13.0)
    rspec-core (3.13.0)
      rspec-support (~> 3.13.0)
    rspec-expectations (3.13.1)
      diff-lcs (>= 1.2.0, < 2.0)
      rspec-support (~> 3.13.0)
    rspec-mocks (3.13.1)
      diff-lcs (>= 1.2.0, < 2.0)
      rspec-support (~> 3.13.0)
    rspec-support (3.13.1)
    rubocop (1.64.1)
      json (~> 2.3)
      language_server-protocol (>= 3.17.0)
      parallel (~> 1.10)
      parser (>= 3.3.0.2)
      rainbow (>= 2.2.2, < 4.0)
      regexp_parser (>= 1.8, < 3.0)
      rexml (>= 3.2.5, < 4.0)
      rubocop-ast (>= 1.31.1, < 2.0)
      ruby-progressbar (~> 1.7)
      unicode-display_width (>= 2.4.0, < 3.0)
    rubocop-ast (1.31.3)
      parser (>= 3.3.1.0)
    ruby-progressbar (1.13.0)
    ruby2_keywords (0.0.5)
    sequel (5.82.0)
      bigdecimal
    sequel_pg (1.17.1)
      pg (>= 0.18.0, != 1.2.0)
      sequel (>= 4.38.0)
    sidekiq (7.3.0)
      concurrent-ruby (< 2)
      connection_pool (>= 2.3.0)
      logger
      rack (>= 2.2.4)
      redis-client (>= 0.22.2)
    sinatra (4.0.0)
      mustermann (~> 3.0)
      rack (>= 3.0.0, < 4)
      rack-protection (= 4.0.0)
      rack-session (>= 2.0.0, < 3)
      tilt (~> 2.0)
    sinatra-contrib (4.0.0)
      multi_json (>= 0.0.2)
      mustermann (~> 3.0)
      rack-protection (= 4.0.0)
      sinatra (= 4.0.0)
      tilt (~> 2.0)
    strscan (3.1.0)
    tilt (2.4.0)
    unicode-display_width (2.5.0)
    webrick (1.8.1)
    zeitwerk (2.6.16)

PLATFORMS
  arm64-darwin-23
  ruby

DEPENDENCIES
  dotenv (~> 3.1, >= 3.1.2)
  pg (~> 1.5, >= 1.5.6)
  pry
  puma (~> 6.4, >= 6.4.2)
  rack-attack (~> 5.0, >= 5.0.1)
  rack-test
  rackup (~> 2.1)
  rake (~> 13.2, >= 13.2.1)
  redis (~> 5.2)
  redis-objects (>= 2.0.0.beta)
  rspec
  rubocop
  sequel (~> 5.82)
  sequel_pg (~> 1.17, >= 1.17.1)
  sidekiq
  sinatra (~> 4.0)
  sinatra-contrib (~> 4.0)
  zeitwerk (~> 2.6, >= 2.6.16)

BUNDLED WITH
   2.5.11
